PATH
  remote: .
  specs:
    markup_presenter_plugin (0.0.2)

GEM
  remote: https://rubygems.org/
  specs:
    rake (13.0.1)

PLATFORMS
  ruby

DEPENDENCIES
  bundler (~> 1.16)
  markup_presenter_plugin!
  rake (~> 13.0)

BUNDLED WITH
   1.17.3
