PATH
  remote: .
  specs:
    markup_presenter_plugin (0.0.2)

GEM
  remote: https://rubygems.org/
  specs:
    rake (10.5.0)

PLATFORMS
  x86_64-darwin-20
  x86_64-linux

DEPENDENCIES
  bundler (~> 2.0)
  markup_presenter_plugin!
  rake (~> 10.0)

BUNDLED WITH
   2.2.20
